GEM
  remote: https://rubygems.org/
  specs:
    haml (4.0.6)
      tilt
    puma (2.11.1)
      rack (>= 1.1, < 2.0)
    rack (1.6.0)
    sinatra (1.0)
      rack (>= 1.0)
    tilt (1.4.1)

PLATFORMS
  ruby

DEPENDENCIES
  haml
  puma
  sinatra
  tilt (~> 1.4.1)
